GEM
  remote: https://rubygems.org/
  specs:
    digest-crc (0.6.4)
      rake (>= 12.0.0, < 14.0.0)
    minitest (5.15.0)
    rake (13.0.6)
    ruby-kafka (1.4.0)
      digest-crc

PLATFORMS
  ruby
  x86_64-linux

DEPENDENCIES
  minitest
  ruby-kafka

BUNDLED WITH
   2.2.3
